GEM
  remote: https://rubygems.org/
  specs:
    mime-types (2.3)
    mysql2 (0.3.16)
    pg (0.17.1)
    rack (1.0.1)
    rest-client (1.6.7)
      mime-types (>= 1.16)
    sequel (3.20.0)
    sinatra (1.0)
      rack (>= 1.0)
    sqlite3 (1.3.8)
    taps (0.3.24)
      rack (>= 1.0.1)
      rest-client (>= 1.4.0, < 1.7.0)
      sequel (~> 3.20.0)
      sinatra (~> 1.0.0)

PLATFORMS
  ruby

DEPENDENCIES
  mysql2
  pg
  rack (= 1.0.1)
  sqlite3
  taps
